PATH
  remote: .
  specs:
    evolvable_sound (0.1.0)
      sonic-pi-cli (~> 0.1.1)

PATH
  remote: /Users/matt/code/ruby/evolvable
  specs:
    evolvable (0.1.3)

GEM
  remote: https://rubygems.org/
  specs:
    byebug (11.0.0)
    osc-ruby (1.1.1)
    rake (10.5.0)
    sonic-pi-cli (0.1.1)
      osc-ruby

PLATFORMS
  ruby

DEPENDENCIES
  bundler (~> 2.0)
  byebug (~> 11.0)
  evolvable!
  evolvable_sound!
  rake (~> 10.0)

BUNDLED WITH
   2.0.1
