GIT
  remote: https://github.com/mattruzicka/evolvable.git
  revision: 7121d120db5c608a299793ad77c645244fdc88b0
  branch: genes
  specs:
    evolvable (0.1.3)

PATH
  remote: .
  specs:
    evolvable_sound (0.1.0)
      sonic-pi-cli (~> 0.1.1)

GEM
  remote: https://rubygems.org/
  specs:
    dino (0.11.2)
      serialport
    osc-ruby (1.1.1)
    rake (10.5.0)
    serialport (1.3.1)
    sonic-pi-cli (0.1.1)
      osc-ruby

PLATFORMS
  ruby

DEPENDENCIES
  bundler (~> 2.0)
  dino
  evolvable!
  evolvable_sound!
  rake (~> 10.0)

BUNDLED WITH
   2.0.1
