GIT
  remote: https://github.com/mattruzicka/evolvable.git
  revision: c774c9baa4ddd2338840a0475be3f3fcbb5979ab
  branch: genes
  specs:
    evolvable (0.1.3)

PATH
  remote: .
  specs:
    evolvable_sound (0.1.0)
      sonic-pi-cli (~> 0.1.1)

GEM
  remote: https://rubygems.org/
  specs:
    osc-ruby (1.1.1)
    rake (10.5.0)
    sonic-pi-cli (0.1.1)
      osc-ruby

PLATFORMS
  ruby

DEPENDENCIES
  bundler (~> 2.0)
  evolvable!
  evolvable_sound!
  rake (~> 10.0)

BUNDLED WITH
   2.0.1
